PATH
  remote: .
  specs:
    generate_image (1.1.2.1)
      json (~> 2.6.3)
      net-http (~> 0.3.2)
      openai (~> 0.3.0)
      sinatra (~> 3.0.5)

GEM
  remote: https://rubygems.org/
  specs:
    diff-lcs (1.5.0)
    json (2.6.3)
    mustermann (3.0.0)
      ruby2_keywords (~> 0.0.1)
    net-http (0.3.2)
      uri
    openai (0.3.0)
    rack (2.2.6.2)
    rack-protection (3.0.5)
      rack
    rake (12.3.3)
    rspec (3.12.0)
      rspec-core (~> 3.12.0)
      rspec-expectations (~> 3.12.0)
      rspec-mocks (~> 3.12.0)
    rspec-core (3.12.1)
      rspec-support (~> 3.12.0)
    rspec-expectations (3.12.2)
      diff-lcs (>= 1.2.0, < 2.0)
      rspec-support (~> 3.12.0)
    rspec-mocks (3.12.3)
      diff-lcs (>= 1.2.0, < 2.0)
      rspec-support (~> 3.12.0)
    rspec-support (3.12.0)
    ruby2_keywords (0.0.5)
    sinatra (3.0.5)
      mustermann (~> 3.0)
      rack (~> 2.2, >= 2.2.4)
      rack-protection (= 3.0.5)
      tilt (~> 2.0)
    tilt (2.0.11)
    uri (0.12.0)

PLATFORMS
  ruby

DEPENDENCIES
  generate_image!
  rake (~> 12.0)
  rspec (~> 3.0)

BUNDLED WITH
   2.1.4
